GEM
  remote: https://rubygems.org/
  specs:
    highline (1.6.19)
    trollop (2.0)

PLATFORMS
  ruby

DEPENDENCIES
  highline
  trollop
